GIT
  remote: https://www.github.com/mskog/bengt
  revision: 0326334272d1a6e2790f3aa577a28a4546db0c16
  specs:
    bengt (0.0.1)
      aws-sdk (~> 2.0)
      faraday (~> 0.9)
      pusher (~> 0.14)
      require_all (~> 1.3.2)
      ruby-thumbor (~> 1.3.0)
      slack-notifier (~> 1.2)
      virtus (~> 1.0)

GEM
  remote: https://www.rubygems.org/
  specs:
    addressable (2.3.8)
    aws-sdk (2.0.45)
      aws-sdk-resources (= 2.0.45)
    aws-sdk-core (2.0.45)
      builder (~> 3.0)
      jmespath (~> 1.0)
      multi_json (~> 1.0)
    aws-sdk-resources (2.0.45)
      aws-sdk-core (= 2.0.45)
    axiom-types (0.1.1)
      descendants_tracker (~> 0.0.4)
      ice_nine (~> 0.11.0)
      thread_safe (~> 0.3, >= 0.3.1)
    builder (3.2.2)
    byebug (4.0.5)
      columnize (= 0.9.0)
    coderay (1.1.0)
    coercible (1.0.0)
      descendants_tracker (~> 0.0.1)
    columnize (0.9.0)
    crack (0.4.2)
      safe_yaml (~> 1.0.0)
    descendants_tracker (0.0.4)
      thread_safe (~> 0.3, >= 0.3.1)
    dotenv (2.0.1)
    equalizer (0.0.11)
    faraday (0.9.1)
      multipart-post (>= 1.2, < 3)
    httpclient (2.6.0.1)
    ice_nine (0.11.1)
    jmespath (1.0.2)
      multi_json (~> 1.0)
    method_source (0.8.2)
    multi_json (1.11.0)
    multipart-post (2.0.0)
    pry (0.10.1)
      coderay (~> 1.1.0)
      method_source (~> 0.8.1)
      slop (~> 3.4)
    pry-byebug (3.1.0)
      byebug (~> 4.0)
      pry (~> 0.10)
    pusher (0.14.5)
      httpclient (~> 2.5)
      multi_json (~> 1.0)
      signature (~> 0.1.8)
    require_all (1.3.2)
    ruby-thumbor (1.3.0)
    safe_yaml (1.0.4)
    signature (0.1.8)
    slack-notifier (1.2.1)
    slop (3.6.0)
    thread_safe (0.3.5)
    virtus (1.0.5)
      axiom-types (~> 0.1)
      coercible (~> 1.0)
      descendants_tracker (~> 0.0, >= 0.0.3)
      equalizer (~> 0.0, >= 0.0.9)
    webmock (1.21.0)
      addressable (>= 2.3.6)
      crack (>= 0.3.2)

PLATFORMS
  ruby

DEPENDENCIES
  aws-sdk (~> 2.0.45)
  bengt!
  dotenv (~> 2.0.1)
  pry-byebug
  require_all (~> 1.3.2)
  webmock (~> 1.21.0)
